GEM
  remote: http://rubygems.org/
  specs:
    dicechucker (0.8.0)
    diff-lcs (1.1.3)
    ncursesw (1.2.4.3)
    rake (0.9.2)
    rspec (2.6.0)
      rspec-core (~> 2.6.0)
      rspec-expectations (~> 2.6.0)
      rspec-mocks (~> 2.6.0)
    rspec-core (2.6.4)
    rspec-expectations (2.6.0)
      diff-lcs (~> 1.1.2)
    rspec-mocks (2.6.0)

PLATFORMS
  ruby

DEPENDENCIES
  dicechucker
  ncursesw
  rake
  rspec
