GEM
  remote: http://rubygems.org/
  specs:
    dicechucker (0.8.0)
    diff-lcs (1.1.2)
    ncursesw (1.2.4.2)
    rspec (2.3.0)
      rspec-core (~> 2.3.0)
      rspec-expectations (~> 2.3.0)
      rspec-mocks (~> 2.3.0)
    rspec-core (2.3.1)
    rspec-expectations (2.3.0)
      diff-lcs (~> 1.1.2)
    rspec-mocks (2.3.0)

PLATFORMS
  ruby

DEPENDENCIES
  dicechucker
  ncursesw
  rspec
